GEM
  remote: https://rubygems.org/
  specs:
    oj (2.12.1)
    rack (1.6.0)
    rack-cors (0.4.0)

PLATFORMS
  ruby

DEPENDENCIES
  oj
  rack
  rack-cors
